GEM
  remote: https://rubygems.org/
  specs:
    RedCloth (4.2.9)
    RedCloth (4.2.9-x86-mingw32)
    builder (3.1.4)
    chronic (0.9.0)
    chronic_distance (0.0.1)
    chronic_duration (0.9.6)
      numerizer (~> 0.1.1)
    haml (3.1.7)
    mysql (2.9.0)
    mysql (2.9.0-x86-mingw32)
    numerizer (0.1.1)
    rack (1.5.2)
    rack-protection (1.3.2)
      rack
    scruffy (0.2.6)
    sequel (3.44.0)
    sinatra (1.3.4)
      rack (~> 1.4)
      rack-protection (~> 1.3)
      tilt (~> 1.3, >= 1.3.3)
    sqlite3 (1.3.7)
    sqlite3 (1.3.7-x86-mingw32)
    tilt (1.3.3)
    xml-sitemap (1.2.2)
      builder (>= 2.0)

PLATFORMS
  ruby
  x86-mingw32

DEPENDENCIES
  RedCloth
  builder (>= 2.0)
  chronic
  chronic_distance
  chronic_duration
  haml
  mysql
  scruffy
  sequel
  sinatra
  sqlite3
  xml-sitemap
