GEM
  remote: https://rubygems.org/
  specs:
    RedCloth (4.2.9)
    RedCloth (4.2.9-x86-mingw32)
    builder (3.1.4)
    capistrano (2.15.5)
      highline
      net-scp (>= 1.0.0)
      net-sftp (>= 2.0.0)
      net-ssh (>= 2.0.14)
      net-ssh-gateway (>= 1.1.0)
    chronic (0.9.0)
    chronic_distance (0.0.1)
    chronic_duration (0.9.6)
      numerizer (~> 0.1.1)
    docile (1.1.1)
    haml (3.1.7)
    highline (1.6.20)
    multi_json (1.8.2)
    mysql (2.9.0)
    mysql (2.9.0-x86-mingw32)
    net-scp (1.1.2)
      net-ssh (>= 2.6.5)
    net-sftp (2.1.2)
      net-ssh (>= 2.6.5)
    net-ssh (2.7.0)
    net-ssh-gateway (1.2.0)
      net-ssh (>= 2.6.5)
    numerizer (0.1.1)
    rack (1.5.2)
    rack-protection (1.3.2)
      rack
    rack-test (0.6.2)
      rack (>= 1.0)
    rake (10.1.1)
    scruffy (0.2.6)
    sequel (3.44.0)
    simplecov (0.8.2)
      docile (~> 1.1.0)
      multi_json
      simplecov-html (~> 0.8.0)
    simplecov-html (0.8.0)
    sinatra (1.3.4)
      rack (~> 1.4)
      rack-protection (~> 1.3)
      tilt (~> 1.3, >= 1.3.3)
    sqlite3 (1.3.7)
    sqlite3 (1.3.7-x86-mingw32)
    tilt (1.3.3)
    xml-sitemap (1.2.2)
      builder (>= 2.0)

PLATFORMS
  ruby
  x86-mingw32

DEPENDENCIES
  RedCloth
  builder (>= 2.0)
  capistrano (~> 2.15.4)
  chronic
  chronic_distance
  chronic_duration
  haml
  mysql
  rack-test
  rake
  scruffy
  sequel
  simplecov
  sinatra
  sqlite3
  xml-sitemap
