GEM
  remote: http://rubygems.org/
  specs:
    RedCloth (4.2.7)
    chronic (0.3.0)
    chronic_distance (0.0.1)
    chronic_duration (0.9.5)
      numerizer (~> 0.1.1)
    haml (3.1.1)
    numerizer (0.1.1)
    rack (1.3.0)
    rack-flash (0.1.1)
      rack
    sequel (3.24.0)
    sinatra (1.0)
      rack (>= 1.0)
    sqlite3 (1.3.3)
    xml-sitemap (1.0.5)

PLATFORMS
  ruby

DEPENDENCIES
  RedCloth
  chronic
  chronic_distance
  chronic_duration
  haml
  rack-flash
  sequel
  sinatra (= 1.0)
  sqlite3
  xml-sitemap
